GEM
  remote: https://rubygems.org/
  specs:
    clamp (0.6.3)
    mime-types (1.25.1)
    netrc (0.10.2)
    rest-client (1.7.2)
      mime-types (>= 1.16, < 3.0)
      netrc (~> 0.7)
    sparkr (0.4.1)

PLATFORMS
  ruby

DEPENDENCIES
  clamp
  rest-client
  sparkr
